GEM
  remote: https://rubygems.org/
  specs:
    childprocess (0.3.5)
      ffi (~> 1.0, >= 1.0.6)
    diff-lcs (1.1.3)
    ffi (1.1.5)
    fuubar (1.1.0)
      rspec (~> 2.0)
      rspec-instafail (~> 0.2.0)
      ruby-progressbar (~> 1.0.0)
    guard (1.4.0)
      listen (>= 0.4.2)
      thor (>= 0.14.6)
    guard-bundler (1.0.0)
      bundler (~> 1.0)
      guard (~> 1.1)
    guard-rspec (0.5.2)
      guard (>= 0.8.4)
    guard-spork (1.2.1)
      childprocess (>= 0.2.3)
      guard (>= 1.1)
      spork (>= 0.8.4)
      sys-proctable
    listen (0.5.3)
    rb-fsevent (0.9.2)
    rspec (2.11.0)
      rspec-core (~> 2.11.0)
      rspec-expectations (~> 2.11.0)
      rspec-mocks (~> 2.11.0)
    rspec-core (2.11.1)
    rspec-expectations (2.11.3)
      diff-lcs (~> 1.1.3)
    rspec-instafail (0.2.4)
    rspec-mocks (2.11.3)
    ruby-progressbar (1.0.1)
    spork (1.0.0rc3)
    sys-proctable (0.9.1)
    terminal-notifier-guard (1.5.3)
    thor (0.16.0)

PLATFORMS
  ruby

DEPENDENCIES
  fuubar
  guard-bundler
  guard-rspec (= 0.5.2)
  guard-spork
  rb-fsevent
  rspec
  spork (~> 1.0rc)
  terminal-notifier-guard
